GIT
  remote: git@github.com:blaine/xmpp4r-simple.git
  revision: 92e2cd0002ec3a9a38506527e1a3a2d622408626
  specs:
    xmpp4r-simple (0.8.8)
      xmpp4r (>= 0.3.2)

GIT
  remote: git@github.com:wackadoo/awe_native_extensions.git
  revision: d5793062b9626cce03acd5c56a0f3a56aea73e70
  specs:
    awe_native_extensions (0.0.16)

GIT
  remote: https://github.com/francisd/rails3-jquery-autocomplete
  revision: 9884a40f2bb1a8fa3ffab445e6d2c74c3ee99a0d
  specs:
    rails3-jquery-autocomplete (1.0.11)
      rails (>= 3.0)

GEM
  remote: http://rubygems.org/
  specs:
    actionmailer (3.1.12)
      actionpack (= 3.1.12)
      mail (~> 2.4.4)
    actionpack (3.1.12)
      activemodel (= 3.1.12)
      activesupport (= 3.1.12)
      builder (~> 3.0.0)
      erubis (~> 2.7.0)
      i18n (~> 0.6)
      rack (~> 1.3.6)
      rack-cache (~> 1.2)
      rack-mount (~> 0.8.2)
      rack-test (~> 0.6.1)
      sprockets (~> 2.0.4)
    activemodel (3.1.12)
      activesupport (= 3.1.12)
      builder (~> 3.0.0)
      i18n (~> 0.6)
    activerecord (3.1.12)
      activemodel (= 3.1.12)
      activesupport (= 3.1.12)
      arel (~> 2.2.3)
      tzinfo (~> 0.3.29)
    activeresource (3.1.12)
      activemodel (= 3.1.12)
      activesupport (= 3.1.12)
    activesupport (3.1.12)
      multi_json (~> 1.0)
    ansi (1.4.3)
    arel (2.2.3)
    builder (3.0.4)
    capistrano (2.14.2)
      highline
      net-scp (>= 1.0.0)
      net-sftp (>= 2.0.0)
      net-ssh (>= 2.0.14)
      net-ssh-gateway (>= 1.1.0)
    choice (0.1.6)
    ci_reporter (1.9.3)
      builder (>= 2.1.2)
    coffee-rails (3.1.1)
      coffee-script (>= 2.2.0)
      railties (~> 3.1.0)
    coffee-script (2.3.0)
      coffee-script-source
      execjs
    coffee-script-source (1.8.0)
    daemons (1.1.9)
    docile (1.1.5)
    erubis (2.7.0)
    eventmachine (1.0.3)
    execjs (2.2.2)
    gravatar_image_tag (1.2.0)
    highline (1.6.21)
    hike (1.2.3)
    httparty (0.13.3)
      json (~> 1.8)
      multi_xml (>= 0.5.2)
    i18n (0.6.11)
    jabber-bot (1.3.0)
      xmpp4r-simple (>= 0.8.7)
    jquery-rails (3.1.2)
      railties (>= 3.0, < 5.0)
      thor (>= 0.14, < 2.0)
    jquery-ui-rails (4.1.2)
      railties (>= 3.1.0)
    json (1.8.1)
    libv8 (3.16.14.7)
    mail (2.4.4)
      i18n (>= 0.4.0)
      mime-types (~> 1.16)
      treetop (~> 1.4.8)
    mime-types (1.25.1)
    multi_json (1.10.1)
    multi_xml (0.5.5)
    net-scp (1.2.1)
      net-ssh (>= 2.6.5)
    net-sftp (2.1.2)
      net-ssh (>= 2.6.5)
    net-ssh (2.9.1)
    net-ssh-gateway (1.2.0)
      net-ssh (>= 2.6.5)
    pg (0.17.1)
    polyglot (0.3.5)
    rack (1.3.10)
    rack-cache (1.2)
      rack (>= 0.4)
    rack-mount (0.8.3)
      rack (>= 1.0.0)
    rack-ssl (1.3.4)
      rack
    rack-test (0.6.2)
      rack (>= 1.0)
    rails (3.1.12)
      actionmailer (= 3.1.12)
      actionpack (= 3.1.12)
      activerecord (= 3.1.12)
      activeresource (= 3.1.12)
      activesupport (= 3.1.12)
      bundler (~> 1.0)
      railties (= 3.1.12)
    rails-erd (1.1.0)
      activerecord (>= 3.0)
      activesupport (>= 3.0)
      choice (~> 0.1.6)
      ruby-graphviz (~> 1.0.4)
    railties (3.1.12)
      actionpack (= 3.1.12)
      activesupport (= 3.1.12)
      rack-ssl (~> 1.3.2)
      rake (>= 0.8.7)
      rdoc (~> 3.4)
      thor (~> 0.14.6)
    rake (10.3.2)
    rdoc (3.12.2)
      json (~> 1.4)
    ref (1.0.5)
    ruby-graphviz (1.0.9)
    sampl (0.0.3)
      httparty (~> 0.13)
    sass (3.4.7)
    sass-rails (3.1.4)
      actionpack (~> 3.1.0)
      railties (~> 3.1.0)
      sass (>= 3.1.4)
      sprockets (~> 2.0.0)
      tilt (~> 1.3.2)
    simplecov (0.9.1)
      docile (~> 1.1.0)
      multi_json (~> 1.0)
      simplecov-html (~> 0.8.0)
    simplecov-html (0.8.0)
    simplecov-rcov (0.2.3)
      simplecov (>= 0.4.1)
    sprockets (2.0.5)
      hike (~> 1.2)
      rack (~> 1.0)
      tilt (~> 1.1, != 1.3.0)
    sqlite3 (1.3.10)
    test-unit (2.0.9)
    therubyracer (0.12.1)
      libv8 (~> 3.16.14.0)
      ref
    thin (1.6.3)
      daemons (~> 1.0, >= 1.0.9)
      eventmachine (~> 1.0)
      rack (~> 1.0)
    thor (0.14.6)
    tilt (1.3.7)
    treetop (1.4.15)
      polyglot
      polyglot (>= 0.3.1)
    turn (0.8.3)
      ansi
    tzinfo (0.3.42)
    uglifier (2.5.3)
      execjs (>= 0.3.0)
      json (>= 1.8.0)
    will_paginate (3.0.7)
    xmpp4r (0.5.6)

PLATFORMS
  ruby

DEPENDENCIES
  awe_native_extensions (>= 0.0.16)!
  capistrano (~> 2.14.0)
  ci_reporter (~> 1.9.0)
  coffee-rails (~> 3.1.1)
  gravatar_image_tag
  highline (>= 1.6.12)
  httparty (~> 0.13)
  jabber-bot
  jquery-rails
  jquery-ui-rails
  libv8 (~> 3.16.14.7)
  pg
  rails (= 3.1.12)
  rails-erd
  rails3-jquery-autocomplete!
  sampl (~> 0.0.2)
  sass-rails (= 3.1.4)
  simplecov
  simplecov-rcov
  sqlite3
  test-unit (~> 2.0.0)
  therubyracer (>= 0.11.0)
  thin
  turn (~> 0.8.3)
  uglifier (>= 1.0.3)
  will_paginate
  xmpp4r
  xmpp4r-simple (>= 0.3.2)!
